GEM
  remote: https://rubygems.org/
  specs:
    builder (3.2.2)
    diff-lcs (1.2.5)
    docile (1.4.0)
    rake (13.0.6)
    rspec (3.3.0)
      rspec-core (~> 3.3.0)
      rspec-expectations (~> 3.3.0)
      rspec-mocks (~> 3.3.0)
    rspec-core (3.3.2)
      rspec-support (~> 3.3.0)
    rspec-expectations (3.3.1)
      diff-lcs (>= 1.2.0, < 2.0)
      rspec-support (~> 3.3.0)
    rspec-mocks (3.3.2)
      diff-lcs (>= 1.2.0, < 2.0)
      rspec-support (~> 3.3.0)
    rspec-support (3.3.0)
    rspec_junit_formatter (0.2.3)
      builder (< 4)
      rspec-core (>= 2, < 4, != 2.12.0)
    simplecov (0.21.2)
      docile (~> 1.1)
      simplecov-html (~> 0.11)
      simplecov_json_formatter (~> 0.1)
    simplecov-html (0.12.3)
    simplecov_json_formatter (0.1.4)

PLATFORMS
  ruby
  x64-mingw32

DEPENDENCIES
  rake (>= 12.3.3)
  rspec
  rspec_junit_formatter
  simplecov (>= 0.12.0)

BUNDLED WITH
   1.17.3
